GEM
  remote: http://rubygems.org/
  specs:
    aws-sdk (1.60.2)
      aws-sdk-v1 (= 1.60.2)
    aws-sdk-v1 (1.60.2)
      json (~> 1.4)
      nokogiri (>= 1.4.4)
    backports (3.6.4)
    json (1.8.2)
    mini_portile (0.6.2)
    minitest (5.5.1)
    multi_json (1.10.1)
    nokogiri (1.6.5)
      mini_portile (~> 0.6.0)
    rack (1.6.0)
    rack-protection (1.5.3)
      rack
    rack-test (0.6.3)
      rack (>= 1.0)
    rake (10.4.2)
    sinatra (1.4.5)
      rack (~> 1.4)
      rack-protection (~> 1.4)
      tilt (~> 1.3, >= 1.3.4)
    sinatra-contrib (1.4.2)
      backports (>= 2.0)
      multi_json
      rack-protection
      rack-test
      sinatra (~> 1.4.0)
      tilt (~> 1.3)
    thenewslensapi (2.0.2)
      nokogiri (>= 1.6.2)
    tilt (1.4.1)

PLATFORMS
  ruby

DEPENDENCIES
  aws-sdk
  json
  minitest
  rack
  rack-test
  rake
  sinatra
  sinatra-contrib
  thenewslensapi
